GIT
  remote: https://github.com/octopress/hooks.git
  revision: 9ec9efcbe8e2aa4d79d2a35543a29b51f3e6feb2
  specs:
    octopress-hooks (2.6.1)
      jekyll (>= 2.0)

GEM
  remote: https://rubygems.org/
  specs:
    colorator (1.1.0)
    ffi (1.9.14)
    forwardable-extended (2.6.0)
    jekyll (3.2.0)
      colorator (~> 1.0)
      jekyll-sass-converter (~> 1.0)
      jekyll-watch (~> 1.1)
      kramdown (~> 1.3)
      liquid (~> 3.0)
      mercenary (~> 0.3.3)
      pathutil (~> 0.9)
      rouge (~> 1.7)
      safe_yaml (~> 1.0)
    jekyll-sass-converter (1.4.0)
      sass (~> 3.4)
    jekyll-seo-tag (2.0.0)
      jekyll (~> 3.1)
    jekyll-watch (1.5.0)
      listen (~> 3.0, < 3.1)
    kramdown (1.11.1)
    liquid (3.0.6)
    listen (3.0.8)
      rb-fsevent (~> 0.9, >= 0.9.4)
      rb-inotify (~> 0.9, >= 0.9.7)
    mercenary (0.3.6)
    minima (1.0.1)
    octopress-paginate (1.1.2)
      octopress-hooks
    pathutil (0.14.0)
      forwardable-extended (~> 2.6)
    rb-fsevent (0.9.7)
    rb-inotify (0.9.7)
      ffi (>= 0.5.0)
    rouge (1.11.1)
    safe_yaml (1.0.4)
    sass (3.4.22)

PLATFORMS
  ruby

DEPENDENCIES
  jekyll (= 3.2.0)
  jekyll-seo-tag
  minima
  octopress-hooks!
  octopress-paginate

RUBY VERSION
   ruby 2.3.1p112

BUNDLED WITH
   1.12.5
